GIT
  remote: git://github.com/hanami/assets.git
  revision: 83435835d43e024319add216462b7f57a7d601d5
  specs:
    hanami-assets (0.3.0)
      hanami-helpers (~> 0.4)
      hanami-utils (~> 0.8)
      tilt (~> 2.0, >= 2.0.2)

GIT
  remote: git://github.com/hanami/controller.git
  revision: 32759096201e96aa552a19dd7fe0779427386450
  specs:
    hanami-controller (0.7.0)
      hanami-utils (~> 0.8)
      hanami-validations (~> 0.6)
      rack (~> 1.6, >= 1.6.2)

GIT
  remote: git://github.com/hanami/hanami.git
  revision: 1bf287351e96a639a1061d28a4b38d67d709dd35
  specs:
    hanami (0.8.0)
      bundler (~> 1.6)
      hanami-assets (~> 0.3)
      hanami-controller (~> 0.7)
      hanami-helpers (~> 0.4)
      hanami-mailer (~> 0.3)
      hanami-router (~> 0.7)
      hanami-utils (~> 0.8)
      hanami-view (~> 0.7)
      thor (~> 0.19)

GIT
  remote: git://github.com/hanami/helpers.git
  revision: 4e91ee6fe1aa1096fa2484f90d159ef283433b21
  specs:
    hanami-helpers (0.4.0)
      hanami-utils (~> 0.8)

GIT
  remote: git://github.com/hanami/mailer.git
  revision: 10e5b670b78b1eeaed6a72d0f4fad694b1b11e5e
  specs:
    hanami-mailer (0.3.0)
      hanami-utils (~> 0.8)
      mail (~> 2.5)
      tilt (~> 2.0, >= 2.0.1)

GIT
  remote: git://github.com/hanami/model.git
  revision: 97d47f0a8d2918307d001a3ba15a9adbfa199ad3
  specs:
    hanami-model (0.7.0)
      hanami-utils (~> 0.8)
      sequel (~> 4.9)

GIT
  remote: git://github.com/hanami/router.git
  revision: ef1a77a85fa83f9953bb240f38346d642e4be705
  specs:
    hanami-router (0.7.0)
      hanami-utils (~> 0.8)
      http_router (~> 0.11)

GIT
  remote: git://github.com/hanami/utils.git
  revision: b5a7903b9ee6c62032543b711efde3e449f12d48
  specs:
    hanami-utils (0.8.0)

GIT
  remote: git://github.com/hanami/validations.git
  revision: 3955b4235cce9f5b60364a6b6f45d4064ac0ccf4
  specs:
    hanami-validations (0.6.0)
      hanami-utils (~> 0.8)

GIT
  remote: git://github.com/hanami/view.git
  revision: 14dbbc4eca77c3af3847e60dada884a7463c6544
  specs:
    hanami-view (0.7.0)
      hanami-utils (~> 0.8)
      tilt (~> 2.0, >= 2.0.1)

GEM
  remote: https://rubygems.org/
  specs:
    actionmailer (4.2.6)
      actionpack (= 4.2.6)
      actionview (= 4.2.6)
      activejob (= 4.2.6)
      mail (~> 2.5, >= 2.5.4)
      rails-dom-testing (~> 1.0, >= 1.0.5)
    actionpack (4.2.6)
      actionview (= 4.2.6)
      activesupport (= 4.2.6)
      rack (~> 1.6)
      rack-test (~> 0.6.2)
      rails-dom-testing (~> 1.0, >= 1.0.5)
      rails-html-sanitizer (~> 1.0, >= 1.0.2)
    actionview (4.2.6)
      activesupport (= 4.2.6)
      builder (~> 3.1)
      erubis (~> 2.7.0)
      rails-dom-testing (~> 1.0, >= 1.0.5)
      rails-html-sanitizer (~> 1.0, >= 1.0.2)
    activejob (4.2.6)
      activesupport (= 4.2.6)
      globalid (>= 0.3.0)
    activemodel (4.2.6)
      activesupport (= 4.2.6)
      builder (~> 3.1)
    activerecord (4.2.6)
      activemodel (= 4.2.6)
      activesupport (= 4.2.6)
      arel (~> 6.0)
    activesupport (4.2.6)
      i18n (~> 0.7)
      json (~> 1.7, >= 1.7.7)
      minitest (~> 5.1)
      thread_safe (~> 0.3, >= 0.3.4)
      tzinfo (~> 1.1)
    arel (6.0.3)
    builder (3.2.2)
    concurrent-ruby (1.0.1)
    erubis (2.7.0)
    globalid (0.3.6)
      activesupport (>= 4.1.0)
    http_router (0.11.2)
      rack (>= 1.0.0)
      url_mount (~> 0.2.1)
    i18n (0.7.0)
    json (1.8.3)
    loofah (2.0.3)
      nokogiri (>= 1.5.9)
    mail (2.6.4)
      mime-types (>= 1.16, < 4)
    mime-types (3.0)
      mime-types-data (~> 3.2015)
    mime-types-data (3.2016.0221)
    mini_portile2 (2.0.0)
    minitest (5.8.4)
    nokogiri (1.6.7.2)
      mini_portile2 (~> 2.0.0.rc2)
    rack (1.6.4)
    rack-protection (1.5.3)
      rack
    rack-test (0.6.3)
      rack (>= 1.0)
    rails (4.2.6)
      actionmailer (= 4.2.6)
      actionpack (= 4.2.6)
      actionview (= 4.2.6)
      activejob (= 4.2.6)
      activemodel (= 4.2.6)
      activerecord (= 4.2.6)
      activesupport (= 4.2.6)
      bundler (>= 1.3.0, < 2.0)
      railties (= 4.2.6)
      sprockets-rails
    rails-deprecated_sanitizer (1.0.3)
      activesupport (>= 4.2.0.alpha)
    rails-dom-testing (1.0.7)
      activesupport (>= 4.2.0.beta, < 5.0)
      nokogiri (~> 1.6.0)
      rails-deprecated_sanitizer (>= 1.0.1)
    rails-html-sanitizer (1.0.3)
      loofah (~> 2.0)
    railties (4.2.6)
      actionpack (= 4.2.6)
      activesupport (= 4.2.6)
      rake (>= 0.8.7)
      thor (>= 0.18.1, < 2.0)
    rake (11.1.2)
    sequel (4.33.0)
    sinatra (1.4.7)
      rack (~> 1.5)
      rack-protection (~> 1.4)
      tilt (>= 1.3, < 3)
    sprockets (3.6.0)
      concurrent-ruby (~> 1.0)
      rack (> 1, < 3)
    sprockets-rails (3.0.4)
      actionpack (>= 4.0)
      activesupport (>= 4.0)
      sprockets (>= 3.0.0)
    thor (0.19.1)
    thread_safe (0.3.5)
    tilt (2.0.2)
    tzinfo (1.2.2)
      thread_safe (~> 0.1)
    url_mount (0.2.1)
      rack

PLATFORMS
  ruby

DEPENDENCIES
  hanami!
  hanami-assets!
  hanami-controller!
  hanami-helpers!
  hanami-mailer!
  hanami-model!
  hanami-router!
  hanami-utils!
  hanami-validations!
  hanami-view!
  rails
  sinatra

BUNDLED WITH
   1.11.2
