GIT
  remote: git://github.com/lotus/assets.git
  revision: 99863d39756d2528ccf51111723e02cb94debd0d
  specs:
    lotus-assets (0.1.0)
      lotus-helpers (~> 0.2, >= 0.2.5)
      lotus-utils (~> 0.6)
      tilt (~> 2.0, >= 2.0.2)

GIT
  remote: git://github.com/lotus/controller.git
  revision: f5906d5793dae24dd6362ffa69638c9aa76a9a91
  specs:
    lotus-controller (0.5.0)
      lotus-utils (~> 0.6)
      lotus-validations (~> 0.4)
      rack (~> 1.6, >= 1.6.2)

GIT
  remote: git://github.com/lotus/helpers.git
  revision: 7e0453f8cc7d4c5d911d33e97ffb7995ed860ea0
  specs:
    lotus-helpers (0.2.6)
      lotus-utils (~> 0.6)

GIT
  remote: git://github.com/lotus/lotus.git
  revision: e01194314c3c76977323c559daf0d6dec7ac7910
  specs:
    lotusrb (0.6.0)
      bundler (~> 1.6)
      dotenv (~> 2.0)
      lotus-assets (~> 0.1)
      lotus-controller (~> 0.5)
      lotus-helpers (~> 0.2, >= 0.2.6)
      lotus-mailer (~> 0.1)
      lotus-router (~> 0.5)
      lotus-utils (~> 0.6)
      lotus-view (~> 0.5)
      shotgun (~> 0.9)
      thor (~> 0.19)

GIT
  remote: git://github.com/lotus/mailer.git
  revision: adf08a3ad8f112414871d9c0a26daa23990e66ed
  specs:
    lotus-mailer (0.1.0)
      lotus-utils (~> 0.6)
      mail (~> 2.5)
      tilt (~> 2.0, >= 2.0.1)

GIT
  remote: git://github.com/lotus/model.git
  revision: cfd8df38bc57afa562acb71abd3f7e822e584581
  specs:
    lotus-model (0.5.1)
      lotus-utils (~> 0.6)
      sequel (~> 4.9)

GIT
  remote: git://github.com/lotus/router.git
  revision: 54cfd9b76d36d1342c87511eec35eb7002016f97
  specs:
    lotus-router (0.5.0)
      http_router (~> 0.11)
      lotus-utils (~> 0.6)

GIT
  remote: git://github.com/lotus/utils.git
  revision: 74ce39e41377108feffe97046f9b4e4f79e2047a
  specs:
    lotus-utils (0.6.0)

GIT
  remote: git://github.com/lotus/validations.git
  revision: 4f3d9352ffab6cce1ea3c96b303ddd22c8320bc8
  specs:
    lotus-validations (0.4.0)
      lotus-utils (~> 0.6)

GIT
  remote: git://github.com/lotus/view.git
  revision: 2fe93731e5f84cd34de0d68e320b2e35db671a4a
  specs:
    lotus-view (0.5.0)
      lotus-utils (~> 0.6)
      tilt (~> 2.0, >= 2.0.1)

GEM
  remote: https://rubygems.org/
  specs:
    dotenv (2.0.2)
    http_router (0.11.2)
      rack (>= 1.0.0)
      url_mount (~> 0.2.1)
    mail (2.6.3)
      mime-types (>= 1.16, < 3)
    mime-types (2.99)
    rack (1.6.4)
    sequel (4.30.0)
    shotgun (0.9.1)
      rack (>= 1.0)
    thor (0.19.1)
    tilt (2.0.2)
    url_mount (0.2.1)
      rack

PLATFORMS
  ruby

DEPENDENCIES
  lotus-assets!
  lotus-controller!
  lotus-helpers!
  lotus-mailer!
  lotus-model!
  lotus-router!
  lotus-utils!
  lotus-validations!
  lotus-view!
  lotusrb!

BUNDLED WITH
   1.11.2
